PATH
  remote: .
  specs:
    code_node (0.0.1)
      cog
      ruby_parser

GEM
  remote: http://rubygems.org/
  specs:
    active_support (3.0.0)
      activesupport (= 3.0.0)
    activesupport (3.0.0)
    cog (0.1.4)
      active_support
      gli
      i18n
      rainbow
    diff-lcs (1.1.3)
    gli (2.4.1)
    i18n (0.6.1)
    rainbow (1.1.4)
    rake (10.0.1)
    redcarpet (2.2.2)
    rspec (2.11.0)
      rspec-core (~> 2.11.0)
      rspec-expectations (~> 2.11.0)
      rspec-mocks (~> 2.11.0)
    rspec-core (2.11.1)
    rspec-expectations (2.11.3)
      diff-lcs (~> 1.1.3)
    rspec-mocks (2.11.3)
    ruby_parser (3.0.1)
      sexp_processor (~> 4.1)
    sexp_processor (4.1.2)
    yard (0.8.3)

PLATFORMS
  ruby

DEPENDENCIES
  code_node!
  cog (~> 0.1.4)
  rake
  redcarpet
  rspec
  ruby_parser
  yard
